GIT
  remote: git://github.com/jtrupiano/rack-rewrite.git
  revision: 07b89f2e580bdd9c5aeb87f32aec99933160d286
  specs:
    rack-rewrite (1.2.1)

GIT
  remote: git://github.com/rack/rack-contrib.git
  revision: acdcb256bb6e7da2f86a02457e287a338cdbde5e
  specs:
    rack-contrib (1.1.0)
      rack (>= 0.9.1)

GEM
  remote: http://rubygems.org/
  specs:
    albino (1.3.3)
      posix-spawn (>= 0.3.6)
    classifier (1.3.3)
      fast-stemmer (>= 1.0.0)
    directory_watcher (1.4.1)
    fast-stemmer (1.0.0)
    jekyll (0.11.0)
      albino (>= 1.3.2)
      classifier (>= 1.3.1)
      directory_watcher (>= 1.1.1)
      kramdown (>= 0.13.2)
      liquid (>= 1.9.0)
      maruku (>= 0.5.9)
    kramdown (0.13.3)
    liquid (2.3.0)
    maruku (0.6.0)
      syntax (>= 1.0.0)
    posix-spawn (0.3.6)
    rack (1.3.5)
    rdiscount (1.6.8)
    syntax (1.0.0)

PLATFORMS
  ruby

DEPENDENCIES
  jekyll
  rack
  rack-contrib!
  rack-rewrite!
  rdiscount
